PATH
  remote: .
  specs:
    trac2gitlab (0.0.1)
      sequel (~> 4.14)
      sqlite3 (~> 1.3.9)
      svn2git

GEM
  remote: https://rubygems.org/
  specs:
    rake (10.3.2)
    sequel (4.14.0)
    sqlite3 (1.3.9)
    svn2git (2.3.2)

PLATFORMS
  ruby

DEPENDENCIES
  bundler (~> 1.6)
  rake
  trac2gitlab!
