GEM
  remote: https://rubygems.org/
  specs:
    sqlite3 (1.3.9)
    svn2git (2.3.2)

PLATFORMS
  ruby

DEPENDENCIES
  sqlite3 (~> 1.3.9)
  svn2git
